GEM
  remote: http://rubygems.org/
  specs:
    activerecord (2.3.9)
      activesupport (= 2.3.9)
    activesupport (2.3.9)
    haml (3.0.18)
    rack (1.2.1)
    sinatra (1.0)
      rack (>= 1.0)
    sinatra-activerecord (0.1.2)
      sinatra (>= 0.9.4)

PLATFORMS
  ruby

DEPENDENCIES
  activerecord
  haml
  sinatra (= 1.0)
  sinatra-activerecord
